GEM
  remote: https://rubygems.org/
  specs:
    celluloid (0.15.2)
      timers (~> 1.1.0)
    httparty (0.13.0)
      json (~> 1.8)
      multi_xml (>= 0.5.2)
    json (1.8.1)
    multi_xml (0.5.5)
    mysql2 (0.3.15)
    oj (2.5.5)
    sequel (4.8.0)
    timers (1.1.0)

PLATFORMS
  ruby

DEPENDENCIES
  celluloid (~> 0.15)
  httparty (~> 0.13)
  mysql2 (~> 0.3)
  oj (~> 2.5)
  sequel (~> 4.8)
