GEM
  remote: https://rubygems.org/
  specs:
    celluloid (0.15.2)
      timers (~> 1.1.0)
    httparty (0.13.0)
      json (~> 1.8)
      multi_xml (>= 0.5.2)
    json (1.8.1)
    mini_portile (0.5.2)
    multi_json (1.9.0)
    multi_xml (0.5.5)
    mysql2 (0.3.15)
    nokogiri (1.6.1)
      mini_portile (~> 0.5.0)
    oj (2.5.5)
    sequel (4.8.0)
    timers (1.1.0)

PLATFORMS
  ruby

DEPENDENCIES
  celluloid (~> 0.15)
  httparty (~> 0.13)
  multi_json (~> 1.9)
  mysql2 (~> 0.3)
  nokogiri (~> 1.6)
  oj (~> 2.5)

  sequel (~> 4.8)

